GEM
  remote: https://rubygems.org/
  specs:
    google-protobuf (3.13.0)
    google-protobuf (3.13.0-x86_64-linux)
    googleapis-common-protos-types (1.0.5)
      google-protobuf (~> 3.11)
    grpc (1.32.0)
      google-protobuf (~> 3.13)
      googleapis-common-protos-types (~> 1.0)
    grpc (1.32.0-x86_64-linux)
      google-protobuf (~> 3.13)
      googleapis-common-protos-types (~> 1.0)
    multi_json (1.13.1)

PLATFORMS
  ruby
  unknown
  x86_64-linux

DEPENDENCIES
  google-protobuf (= 3.13.0)
  grpc (= 1.32.0)
  multi_json (= 1.13.1)

BUNDLED WITH
   1.17.3
