GEM
  remote: https://rubygems.org/
  specs:
    google-protobuf (3.14.0)
    googleapis-common-protos-types (1.0.5)
      google-protobuf (~> 3.11)
    grpc (1.34.0)
      google-protobuf (~> 3.13)
      googleapis-common-protos-types (~> 1.0)
    multi_json (1.13.1)

PLATFORMS
  ruby

DEPENDENCIES
  google-protobuf (= 3.14.0)
  grpc (= 1.34.0)
  multi_json (= 1.13.1)

BUNDLED WITH
   1.16.1
